GEM
  remote: https://rubygems.org/
  specs:
    asciidoctor (1.5.2)

PLATFORMS
  ruby

DEPENDENCIES
  asciidoctor

BUNDLED WITH
   1.10.6
